GIT
  remote: https://github.com/gitlabhq/grit.git
  revision: 42297cdcee16284d2e4eff23d41377f52fc28b9d
  ref: 42297cdcee16284d2e4eff23d41377f52fc28b9d
  specs:
    grit (2.5.0)
      diff-lcs (~> 1.1)
      mime-types (~> 1.15)
      posix-spawn (~> 0.3.6)

GIT
  remote: https://github.com/gollum/gollum.git
  revision: 96b89fe83d9e8e62cc82811dea4506185ac7fd5e
  specs:
    gollum (2.4.13)
      gollum-lib (~> 1.0.1)
      mustache (>= 0.99.4, < 1.0.0)
      sinatra (~> 1.4.2)
      useragent (~> 0.6.0)

GEM
  remote: http://ruby.taobao.org/
  specs:
    diff-lcs (1.2.4)
    github-markdown (0.5.3)
    github-markup (0.7.5)
    gollum-lib (1.0.1)
      github-markdown (~> 0.5.3)
      github-markup (>= 0.7.5, < 1.0.0)
      grit (~> 2.5.0)
      nokogiri (~> 1.5.9)
      pygments.rb (~> 0.5.0)
      sanitize (~> 2.0.3)
      stringex (~> 1.5.1)
    mime-types (1.23)
    mustache (0.99.4)
    nokogiri (1.5.9)
    posix-spawn (0.3.6)
    pygments.rb (0.5.0)
      posix-spawn (~> 0.3.6)
      yajl-ruby (~> 1.1.0)
    rack (1.5.2)
    rack-protection (1.5.0)
      rack
    redcarpet (2.3.0)
    sanitize (2.0.3)
      nokogiri (>= 1.4.4, < 1.6)
    sinatra (1.4.2)
      rack (~> 1.5, >= 1.5.2)
      rack-protection (~> 1.4)
      tilt (~> 1.3, >= 1.3.4)
    stringex (1.5.1)
    tilt (1.4.1)
    useragent (0.6.0)
    yajl-ruby (1.1.0)

PLATFORMS
  ruby

DEPENDENCIES
  gollum!
  grit (~> 2.5.0)!
  redcarpet
